PATH
  remote: .
  specs:
    runger_style (4.1.1.alpha)
      prism (>= 0.24.0)
      rubocop (>= 1.68.0)

GEM
  remote: https://rubygems.org/
  specs:
    activesupport (8.0.1)
      base64
      benchmark (>= 0.3)
      bigdecimal
      concurrent-ruby (~> 1.0, >= 1.3.1)
      connection_pool (>= 2.2.5)
      drb
      i18n (>= 1.6, < 2)
      logger (>= 1.4.2)
      minitest (>= 5.1)
      securerandom (>= 0.3)
      tzinfo (~> 2.0, >= 2.0.5)
      uri (>= 0.13.1)
    ast (2.4.2)
    base64 (0.2.0)
    benchmark (0.4.0)
    bigdecimal (3.1.9)
    concurrent-ruby (1.3.4)
    connection_pool (2.4.1)
    date (3.4.1)
    drb (2.2.1)
    i18n (1.14.6)
      concurrent-ruby (~> 1.0)
    io-console (0.8.0)
    irb (1.14.3)
      rdoc (>= 4.0.0)
      reline (>= 0.4.2)
    json (2.9.1)
    language_server-protocol (3.17.0.3)
    logger (1.6.4)
    memo_wise (1.10.0)
    minitest (5.25.4)
    parallel (1.26.3)
    parser (3.3.6.0)
      ast (~> 2.4.1)
      racc
    prism (1.3.0)
    psych (5.2.2)
      date
      stringio
    racc (1.8.1)
    rack (3.1.8)
    rainbow (3.1.1)
    rake (13.2.1)
    rdoc (6.10.0)
      psych (>= 4.0.0)
    regexp_parser (2.10.0)
    reline (0.6.0)
      io-console (~> 0.5)
    rubocop (1.69.2)
      json (~> 2.3)
      language_server-protocol (>= 3.17.0)
      parallel (~> 1.10)
      parser (>= 3.3.0.2)
      rainbow (>= 2.2.2, < 4.0)
      regexp_parser (>= 2.9.3, < 3.0)
      rubocop-ast (>= 1.36.2, < 2.0)
      ruby-progressbar (~> 1.7)
      unicode-display_width (>= 2.4.0, < 4.0)
    rubocop-ast (1.37.0)
      parser (>= 3.3.1.0)
    rubocop-capybara (2.21.0)
      rubocop (~> 1.41)
    rubocop-factory_bot (2.26.1)
      rubocop (~> 1.61)
    rubocop-performance (1.23.0)
      rubocop (>= 1.48.1, < 2.0)
      rubocop-ast (>= 1.31.1, < 2.0)
    rubocop-rails (2.28.0)
      activesupport (>= 4.2.0)
      rack (>= 1.1)
      rubocop (>= 1.52.0, < 2.0)
      rubocop-ast (>= 1.31.1, < 2.0)
    rubocop-rake (0.6.0)
      rubocop (~> 1.0)
    rubocop-rspec (3.3.0)
      rubocop (~> 1.61)
    rubocop-rspec_rails (2.30.0)
      rubocop (~> 1.61)
      rubocop-rspec (~> 3, >= 3.0.1)
    ruby-progressbar (1.13.0)
    runger_release_assistant (0.13.0)
      activesupport (>= 6)
      memo_wise (>= 1.7)
      rainbow (>= 3.0)
      slop (~> 4.8)
    securerandom (0.4.1)
    slop (4.10.1)
    stringio (3.1.2)
    tzinfo (2.0.6)
      concurrent-ruby (~> 1.0)
    unicode-display_width (3.1.3)
      unicode-emoji (~> 4.0, >= 4.0.4)
    unicode-emoji (4.0.4)
    uri (1.0.2)

PLATFORMS
  ruby

DEPENDENCIES
  bundler
  irb
  rake
  rubocop
  rubocop-capybara
  rubocop-factory_bot
  rubocop-performance
  rubocop-rails
  rubocop-rake
  rubocop-rspec
  rubocop-rspec_rails
  runger_release_assistant
  runger_style!

CHECKSUMS
  activesupport (8.0.1) sha256=fd5bc74641c24ac3541055c2879789198ff42adee3e39c2933289ba008912e37
  ast (2.4.2) sha256=1e280232e6a33754cde542bc5ef85520b74db2aac73ec14acef453784447cc12
  base64 (0.2.0) sha256=0f25e9b21a02a0cc0cea8ef92b2041035d39350946e8789c562b2d1a3da01507
  benchmark (0.4.0) sha256=0f12f8c495545e3710c3e4f0480f63f06b4c842cc94cec7f33a956f5180e874a
  bigdecimal (3.1.9) sha256=2ffc742031521ad69c2dfc815a98e426a230a3d22aeac1995826a75dabfad8cc
  concurrent-ruby (1.3.4) sha256=d4aa926339b0a86b5b5054a0a8c580163e6f5dcbdfd0f4bb916b1a2570731c32
  connection_pool (2.4.1) sha256=0f40cf997091f1f04ff66da67eabd61a9fe0d4928b9a3645228532512fab62f4
  date (3.4.1) sha256=bf268e14ef7158009bfeaec40b5fa3c7271906e88b196d958a89d4b408abe64f
  drb (2.2.1) sha256=e9d472bf785f558b96b25358bae115646da0dbfd45107ad858b0bc0d935cb340
  i18n (1.14.6) sha256=dc229a74f5d181f09942dd60ab5d6e667f7392c4ee826f35096db36d1fe3614c
  io-console (0.8.0) sha256=cd6a9facbc69871d69b2cb8b926fc6ea7ef06f06e505e81a64f14a470fddefa2
  irb (1.14.3) sha256=c457f1f2f1438ae9ce5c5be3981ae2138dec7fb894c7d73777eeeb0a6c0d0752
  json (2.9.1) sha256=d2bdef4644052fad91c1785d48263756fe32fcac08b96a20bb15840e96550d11
  language_server-protocol (3.17.0.3) sha256=3d5c58c02f44a20d972957a9febe386d7e7468ab3900ce6bd2b563dd910c6b3f
  logger (1.6.4) sha256=b627b91c922231050932e7bf8ee886fe54790ba2238a468ead52ba21911f2ee7
  memo_wise (1.10.0) sha256=ae40ff8e7799697ff5d59d739b8766f76be22eba69c7c8468edb42ab83c94c3f
  minitest (5.25.4) sha256=9cf2cae25ac4dfc90c988ebc3b917f53c054978b673273da1bd20bcb0778f947
  parallel (1.26.3) sha256=d86babb7a2b814be9f4b81587bf0b6ce2da7d45969fab24d8ae4bf2bb4d4c7ef
  parser (3.3.6.0) sha256=25d4e67cc4f0f7cab9a2ae1f38e2005b6904d2ea13c34734511d0faad038bc3b
  prism (1.3.0) sha256=b11620829831b1cb7e6c9b46c81ff8a6e36ccb3f888f164485eb7351f386273a
  psych (5.2.2) sha256=a4a9477c85d3e858086c38cf64e7096abe40d1b1eed248b01020dec0ff9906ab
  racc (1.8.1) sha256=4a7f6929691dbec8b5209a0b373bc2614882b55fc5d2e447a21aaa691303d62f
  rack (3.1.8) sha256=d3fbcbca43dc2b43c9c6d7dfbac01667ae58643c42cea10013d0da970218a1b1
  rainbow (3.1.1) sha256=039491aa3a89f42efa1d6dec2fc4e62ede96eb6acd95e52f1ad581182b79bc6a
  rake (13.2.1) sha256=46cb38dae65d7d74b6020a4ac9d48afed8eb8149c040eccf0523bec91907059d
  rdoc (6.10.0) sha256=db665021883ac9df3ba29cdf71aece960749888db1bf9615b4a584cfa3fa3eda
  regexp_parser (2.10.0) sha256=cb6f0ddde88772cd64bff1dbbf68df66d376043fe2e66a9ef77fcb1b0c548c61
  reline (0.6.0) sha256=57620375dcbe56ec09bac7192bfb7460c716bbf0054dc94345ecaa5438e539d2
  rubocop (1.69.2) sha256=762fb0f30a379bf6054588d39f1815a2a1df8f067bc0337d3fe500e346924bb8
  rubocop-ast (1.37.0) sha256=9513ac88aaf113d04b52912533ffe46475de1362d4aa41141b51b2455827c080
  rubocop-capybara (2.21.0) sha256=5d264efdd8b6c7081a3d4889decf1451a1cfaaec204d81534e236bc825b280ab
  rubocop-factory_bot (2.26.1) sha256=8de13cd4edcee5ca800f255188167ecef8dbfc3d1fae9f15734e9d2e755392aa
  rubocop-performance (1.23.0) sha256=34ae78cb1bc5f1a0b34a34a1f9f6eec2cb8b8b9cafa2ce37982021e86fa49171
  rubocop-rails (2.28.0) sha256=4967bed9ea13e6dcab566fea4265a6dd0381db739b305e48930aba1282da2715
  rubocop-rake (0.6.0) sha256=56b6f22189af4b33d4f4e490a555c09f1281b02f4d48c3a61f6e8fe5f401d8db
  rubocop-rspec (3.3.0) sha256=79e1b281a689044d1516fefbc52e2e6c06cd367c25ebeaf06a7a198e9071cd7d
  rubocop-rspec_rails (2.30.0) sha256=888112e83f9d7ef7ad2397e9d69a0b9614a4bae24f072c399804a180f80c4c46
  ruby-progressbar (1.13.0) sha256=80fc9c47a9b640d6834e0dc7b3c94c9df37f08cb072b7761e4a71e22cff29b33
  runger_release_assistant (0.13.0) sha256=6274df8512d5256e67b7e23a6cfc7b8d9124d86540003d6941946b6c90dbbb8b
  runger_style (4.1.1.alpha)
  securerandom (0.4.1) sha256=cc5193d414a4341b6e225f0cb4446aceca8e50d5e1888743fac16987638ea0b1
  slop (4.10.1) sha256=844322b5ffcf17ed4815fdb173b04a20dd82b4fd93e3744c88c8fafea696d9c7
  stringio (3.1.2) sha256=204f1828f85cdb39d57cac4abc6dc44b04505a223f131587f2e20ae3729ba131
  tzinfo (2.0.6) sha256=8daf828cc77bcf7d63b0e3bdb6caa47e2272dcfaf4fbfe46f8c3a9df087a829b
  unicode-display_width (3.1.3) sha256=dbbbb0fddc2941a5d3582d8f991aad6df1defb83741649a07d27cccc4c95c942
  unicode-emoji (4.0.4) sha256=2c2c4ef7f353e5809497126285a50b23056cc6e61b64433764a35eff6c36532a
  uri (1.0.2) sha256=b303504ceb7e5905771fa7fa14b649652fa949df18b5880d69cfb12494791e27

RUBY VERSION
   ruby 3.4.1p0

BUNDLED WITH
   2.6.2
